GEM
  remote: https://rubygems.org/
  specs:
    kramdown (2.3.0)
      rexml
    rexml (3.2.4)
    sqlite3 (1.4.2)

PLATFORMS
  ruby

DEPENDENCIES
  kramdown
  sqlite3

BUNDLED WITH
   2.1.4
